GEM
  remote: https://rubygems.org/
  specs:
    mini_portile2 (2.4.0)
    nokogiri (1.10.8)
      mini_portile2 (~> 2.4.0)
    nokogiri-pretty (0.1.0)
      nokogiri

PLATFORMS
  ruby

DEPENDENCIES
  nokogiri
  nokogiri-pretty

BUNDLED WITH
   1.16.1
