GEM
  remote: https://rubygems.org/
  specs:
    mini_portile2 (2.6.1)
    nokogiri (1.12.5)
      mini_portile2 (~> 2.6.1)
      racc (~> 1.4)
    nokogiri-pretty (0.1.0)
      nokogiri
    racc (1.5.2)

PLATFORMS
  ruby

DEPENDENCIES
  nokogiri
  nokogiri-pretty

BUNDLED WITH
   1.16.1
