GEM
  remote: https://rubygems.org/
  specs:
    mini_portile2 (2.8.1)
    nokogiri (1.14.3)
      mini_portile2 (~> 2.8.0)
      racc (~> 1.4)
    nokogiri-pretty (0.1.0)
      nokogiri
    racc (1.6.2)

PLATFORMS
  ruby

DEPENDENCIES
  nokogiri
  nokogiri-pretty

BUNDLED WITH
   1.16.1
